PATH
  remote: .
  specs:
    legacy-fernet (1.6.1)
      multi_json

GEM
  remote: https://rubygems.org/
  specs:
    diff-lcs (1.1.3)
    multi_json (1.7.9)
    oj (2.1.4)
    rspec (2.11.0)
      rspec-core (~> 2.11.0)
      rspec-expectations (~> 2.11.0)
      rspec-mocks (~> 2.11.0)
    rspec-core (2.11.1)
    rspec-expectations (2.11.3)
      diff-lcs (~> 1.1.3)
    rspec-mocks (2.11.3)

PLATFORMS
  java
  ruby

DEPENDENCIES
  legacy-fernet!
  oj
  rspec
